GEM
  remote: https://rubygems.org/
  specs:
    addressable (2.3.8)
    cookiejar (0.3.2)
    em-http-request (1.1.2)
      addressable (>= 2.3.4)
      cookiejar
      em-socksify (>= 0.3)
      eventmachine (>= 1.0.3)
      http_parser.rb (>= 0.6.0)
    em-socksify (0.3.0)
      eventmachine (>= 1.0.0.beta.4)
    eventmachine (1.0.7)
    http_parser.rb (0.6.0)
    json (1.8.2)
    rubydns (0.8.5)
      eventmachine (~> 1.0.0)

PLATFORMS
  ruby

DEPENDENCIES
  em-http-request (~> 1.1.2)
  eventmachine (~> 1.0.7)
  json (~> 1.8.2)
  rubydns (~> 0.8.5)
